GEM
  remote: https://rubygems.org/
  specs:
    nio4r (2.7.3)
    puma (6.6.0)
      nio4r (~> 2.0)
    rack (3.1.10)

PLATFORMS
  ruby

DEPENDENCIES
  puma
  rack

BUNDLED WITH
   1.16.1
